PATH
  remote: .
  specs:
    localtunnel (0.2)

GEM
  remote: http://rubygems.org/
  specs:

PLATFORMS
  ruby

DEPENDENCIES
  localtunnel!
